PATH
  remote: .
  specs:
    omnicontacts (0.4.2.spokeo)
      json
      rack

GEM
  remote: http://rubygems.org/
  specs:
    builder (3.2.2)
    diff-lcs (1.1.3)
    faraday (0.9.1)
      multipart-post (>= 1.2, < 3)
    geminabox (0.12.4)
      builder
      faraday
      httpclient (>= 2.2.7)
      nesty
      sinatra (>= 1.2.7)
    geminabox-jgraichen (0.12.2.4)
      builder
      httpclient-jgraichen (>= 2.2.7)
      nesty
      sinatra (>= 1.2.7)
    geminabox-rake (2.2.0)
      bundler (~> 1.3)
      geminabox-jgraichen (>= 0.12.2.4)
    httpclient (2.4.0)
    httpclient-jgraichen (2.3.4.2)
    json (1.8.3)
    multi_json (1.1.0)
    multipart-post (2.0.0)
    nesty (1.0.2)
    rack (1.4.1)
    rack-protection (1.5.3)
      rack
    rack-test (0.6.1)
      rack (>= 1.0)
    rake (0.9.2.2)
    rspec (2.8.0)
      rspec-core (~> 2.8.0)
      rspec-expectations (~> 2.8.0)
      rspec-mocks (~> 2.8.0)
    rspec-core (2.8.0)
    rspec-expectations (2.8.0)
      diff-lcs (~> 1.1.2)
    rspec-mocks (2.8.0)
    simplecov (0.6.1)
      multi_json (~> 1.0)
      simplecov-html (~> 0.5.3)
    simplecov-html (0.5.3)
    sinatra (1.4.5)
      rack (~> 1.4)
      rack-protection (~> 1.4)
      tilt (~> 1.3, >= 1.3.4)
    tilt (1.4.1)

PLATFORMS
  ruby

DEPENDENCIES
  geminabox
  geminabox-rake
  omnicontacts!
  rack-test
  rake
  rspec
  simplecov
